GEM
  remote: http://rubygems.org/
  specs:
    bootstrap-sass (2.0.4.0)
    chunky_png (1.2.5)
    compass (0.12.2)
      chunky_png (~> 1.2)
      fssm (>= 0.2.7)
      sass (~> 3.1)
    fssm (0.2.9)
    haml (3.1.4)
    rack (1.4.0)
    rake (0.9.2)
    sass (3.1.12)
    shotgun (0.9)
      rack (>= 1.0)
    sinatra (1.2.7)
      rack (~> 1.1)
      tilt (>= 1.2.2, < 2.0)
    tilt (1.3.3)

PLATFORMS
  ruby

DEPENDENCIES
  bootstrap-sass (~> 2.0.3)
  compass (~> 0.12.2)
  haml (~> 3.1.4)
  rake
  sass (~> 3.1.12)
  shotgun (~> 0.9)
  sinatra (~> 1.2.3)
